GEM
  remote: https://rubygems.org/
  specs:
    actionmailer (4.2.4)
      actionpack (= 4.2.4)
      actionview (= 4.2.4)
      activejob (= 4.2.4)
      mail (~> 2.5, >= 2.5.4)
      rails-dom-testing (~> 1.0, >= 1.0.5)
    actionpack (4.2.4)
      actionview (= 4.2.4)
      activesupport (= 4.2.4)
      rack (~> 1.6)
      rack-test (~> 0.6.2)
      rails-dom-testing (~> 1.0, >= 1.0.5)
      rails-html-sanitizer (~> 1.0, >= 1.0.2)
    actionview (4.2.4)
      activesupport (= 4.2.4)
      builder (~> 3.1)
      erubis (~> 2.7.0)
      rails-dom-testing (~> 1.0, >= 1.0.5)
      rails-html-sanitizer (~> 1.0, >= 1.0.2)
    activejob (4.2.4)
      activesupport (= 4.2.4)
      globalid (>= 0.3.0)
    activemodel (4.2.4)
      activesupport (= 4.2.4)
      builder (~> 3.1)
    activerecord (4.2.4)
      activemodel (= 4.2.4)
      activesupport (= 4.2.4)
      arel (~> 6.0)
    activesupport (4.2.4)
      i18n (~> 0.7)
      json (~> 1.7, >= 1.7.7)
      minitest (~> 5.1)
      thread_safe (~> 0.3, >= 0.3.4)
      tzinfo (~> 1.1)
    arel (6.0.3)
    backbone-on-rails (1.2.0.0)
      eco
      ejs
      jquery-rails
      railties
    bcrypt (3.1.10)
    binding_of_caller (0.7.2)
      debug_inspector (>= 0.0.1)
    bootstrap-datepicker-rails (1.5.0)
      railties (>= 3.0)
    bootstrap_flash_messages (1.0.2)
    builder (3.2.2)
    byebug (8.2.1)
    carrierwave (0.10.0)
      activemodel (>= 3.2.0)
      activesupport (>= 3.2.0)
      json (>= 1.7)
      mime-types (>= 1.16)
    coffee-rails (4.1.1)
      coffee-script (>= 2.2.0)
      railties (>= 4.0.0, < 5.1.x)
    coffee-script (2.4.1)
      coffee-script-source
      execjs
    coffee-script-source (1.10.0)
    commonjs (0.2.7)
    concurrent-ruby (1.0.0)
    debug_inspector (0.0.2)
    devise (3.5.3)
      bcrypt (~> 3.0)
      orm_adapter (~> 0.1)
      railties (>= 3.2.6, < 5)
      responders
      thread_safe (~> 0.1)
      warden (~> 1.2.3)
    draper (2.1.0)
      actionpack (>= 3.0)
      activemodel (>= 3.0)
      activesupport (>= 3.0)
      request_store (~> 1.0)
    eco (1.0.0)
      coffee-script
      eco-source
      execjs
    eco-source (1.1.0.rc.1)
    ejs (1.1.1)
    erubis (2.7.0)
    execjs (2.6.0)
    formtastic (3.1.3)
      actionpack (>= 3.2.13)
    formtastic-bootstrap (3.1.1)
      formtastic (>= 3.0)
    globalid (0.3.6)
      activesupport (>= 4.1.0)
    gon (6.0.1)
      actionpack (>= 3.0)
      json
      multi_json
      request_store (>= 1.0)
    has_scope (0.6.0)
      actionpack (>= 3.2, < 5)
      activesupport (>= 3.2, < 5)
    i18n (0.7.0)
    inherited_resources (1.6.0)
      actionpack (>= 3.2, < 5)
      has_scope (~> 0.6.0.rc)
      railties (>= 3.2, < 5)
      responders
    its-it (1.2.0)
    jbuilder (2.4.0)
      activesupport (>= 3.0.0, < 5.1)
      multi_json (~> 1.2)
    jquery-rails (4.0.5)
      rails-dom-testing (~> 1.0)
      railties (>= 4.2.0)
      thor (>= 0.14, < 2.0)
    json (1.8.3)
    kaminari (0.16.3)
      actionpack (>= 3.0.0)
      activesupport (>= 3.0.0)
    key_struct (0.4.2)
    less (2.6.0)
      commonjs (~> 0.2.7)
    less-rails (2.7.1)
      actionpack (>= 4.0)
      less (~> 2.6.0)
      sprockets (> 2, < 4)
      tilt
    libv8 (3.16.14.13)
    loofah (2.0.3)
      nokogiri (>= 1.5.9)
    mail (2.6.3)
      mime-types (>= 1.16, < 3)
    mime-types (2.99)
    mini_portile2 (2.0.0)
    minitest (5.8.3)
    modware (0.1.2)
      its-it
      key_struct (~> 0.4)
    multi_json (1.11.2)
    nokogiri (1.6.7.1)
      mini_portile2 (~> 2.0.0.rc2)
    orm_adapter (0.5.0)
    pg (0.18.4)
    pg_search (1.0.5)
      activerecord (>= 3.1)
      activesupport (>= 3.1)
      arel
    postgres-copy (1.0.0)
      activerecord (>= 4.0)
      pg (>= 0.17)
      rails (>= 4.0)
      responders
    rack (1.6.4)
    rack-test (0.6.3)
      rack (>= 1.0)
    rails (4.2.4)
      actionmailer (= 4.2.4)
      actionpack (= 4.2.4)
      actionview (= 4.2.4)
      activejob (= 4.2.4)
      activemodel (= 4.2.4)
      activerecord (= 4.2.4)
      activesupport (= 4.2.4)
      bundler (>= 1.3.0, < 2.0)
      railties (= 4.2.4)
      sprockets-rails
    rails-deprecated_sanitizer (1.0.3)
      activesupport (>= 4.2.0.alpha)
    rails-dom-testing (1.0.7)
      activesupport (>= 4.2.0.beta, < 5.0)
      nokogiri (~> 1.6.0)
      rails-deprecated_sanitizer (>= 1.0.1)
    rails-html-sanitizer (1.0.2)
      loofah (~> 2.0)
    railties (4.2.4)
      actionpack (= 4.2.4)
      activesupport (= 4.2.4)
      rake (>= 0.8.7)
      thor (>= 0.18.1, < 2.0)
    rake (11.2.2)
    ranked-model (0.4.0)
      activerecord (>= 3.1.12)
    rdoc (4.2.1)
      json (~> 1.4)
    ref (2.0.0)
    request_store (1.3.0)
    responders (2.1.1)
      railties (>= 4.2.0, < 5.1)
    sass (3.4.20)
    sass-rails (5.0.4)
      railties (>= 4.0.0, < 5.0)
      sass (~> 3.1)
      sprockets (>= 2.8, < 4.0)
      sprockets-rails (>= 2.0, < 4.0)
      tilt (>= 1.1, < 3)
    schema_associations (1.2.4)
      schema_plus_foreign_keys (~> 0.1)
    schema_auto_foreign_keys (0.1.0)
      schema_plus_foreign_keys (~> 0.1)
      schema_plus_indexes (~> 0.2)
    schema_monkey (2.1.3)
      activerecord (~> 4.2)
      its-it
      modware (~> 0.1)
    schema_plus (2.0.0)
      activerecord (~> 4.2)
      schema_auto_foreign_keys (~> 0.1)
      schema_monkey (~> 2.1)
      schema_plus_columns (~> 0.1)
      schema_plus_core (~> 0.4)
      schema_plus_db_default (~> 0.1)
      schema_plus_default_expr (~> 0.1)
      schema_plus_enums (~> 0.1)
      schema_plus_foreign_keys (~> 0.1)
      schema_plus_indexes (~> 0.1, >= 0.1.3)
      schema_plus_pg_indexes (~> 0.1, >= 0.1.3)
      schema_plus_tables (~> 0.1)
      schema_plus_views (~> 0.1)
    schema_plus_columns (0.1.0)
      activerecord (~> 4.2)
      schema_plus_indexes (~> 0.1)
    schema_plus_core (0.6.2)
      activerecord (~> 4.2)
      schema_monkey (~> 2.1)
    schema_plus_db_default (0.1.0)
      activerecord (~> 4.2)
      schema_plus_core (~> 0.2, >= 0.2.1)
    schema_plus_default_expr (0.1.0)
      activerecord (~> 4.2)
      schema_plus_core (~> 0.2, >= 0.2.1)
    schema_plus_enums (0.1.1)
      activerecord (~> 4.2)
      schema_plus_core (~> 0.2, >= 0.2.1)
    schema_plus_foreign_keys (0.1.2)
      activerecord (~> 4.2)
      schema_plus_core (~> 0.5)
      valuable
    schema_plus_indexes (0.2.0)
      activerecord (~> 4.2)
      schema_plus_core (~> 0.1)
    schema_plus_pg_indexes (0.1.9)
      activerecord (~> 4.2)
      schema_plus_indexes (~> 0.1, >= 0.1.3)
    schema_plus_tables (0.1.0)
      activerecord (~> 4.2)
      schema_plus_core (~> 0.2)
    schema_plus_views (0.3.0)
      activerecord (~> 4.2)
      schema_plus_core (~> 0.1)
    sdoc (0.4.1)
      json (~> 1.7, >= 1.7.7)
      rdoc (~> 4.0)
    slim (3.0.6)
      temple (~> 0.7.3)
      tilt (>= 1.3.3, < 2.1)
    slim-rails (3.0.1)
      actionmailer (>= 3.1, < 5.0)
      actionpack (>= 3.1, < 5.0)
      activesupport (>= 3.1, < 5.0)
      railties (>= 3.1, < 5.0)
      slim (~> 3.0)
    spectator-validates_email (0.2.0)
      activemodel (>= 3.0.0)
    spring (1.6.1)
    sprockets (3.5.2)
      concurrent-ruby (~> 1.0)
      rack (> 1, < 3)
    sprockets-rails (3.0.0)
      actionpack (>= 4.0)
      activesupport (>= 4.0)
      sprockets (>= 3.0.0)
    temple (0.7.6)
    therubyracer (0.12.2)
      libv8 (~> 3.16.14.0)
      ref
    thor (0.19.1)
    thread_safe (0.3.5)
    tilt (2.0.2)
    turbolinks (2.5.3)
      coffee-rails
    twitter-bootstrap-rails (3.2.2)
      actionpack (>= 3.1)
      execjs (>= 2.2.2, >= 2.2)
      less-rails (>= 2.5.0)
      railties (>= 3.1)
    tzinfo (1.2.2)
      thread_safe (~> 0.1)
    uglifier (2.7.2)
      execjs (>= 0.3.0)
      json (>= 1.8.0)
    valuable (0.9.10)
    warden (1.2.4)
      rack (>= 1.0)
    web-console (2.2.1)
      activemodel (>= 4.0)
      binding_of_caller (>= 0.7.2)
      railties (>= 4.0)
      sprockets-rails (>= 2.0, < 4.0)

PLATFORMS
  ruby

DEPENDENCIES
  backbone-on-rails
  bootstrap-datepicker-rails
  bootstrap_flash_messages
  byebug
  carrierwave
  coffee-rails (~> 4.1.0)
  devise (~> 3.5.3)
  draper
  formtastic
  formtastic-bootstrap
  gon
  has_scope (= 0.6.0)
  inherited_resources
  jbuilder (~> 2.0)
  jquery-rails
  kaminari
  less-rails
  pg
  pg_search
  postgres-copy
  rails (= 4.2.4)
  ranked-model
  sass-rails (~> 5.0)
  schema_associations
  schema_plus
  sdoc (~> 0.4.0)
  slim-rails
  spectator-validates_email
  spring
  therubyracer
  turbolinks
  twitter-bootstrap-rails
  uglifier (>= 1.3.0)
  web-console (~> 2.0)

BUNDLED WITH
   1.12.5
